GEM
  remote: https://rubygems.org/
  specs:
    actionmailer (2.3.5)
      actionpack (= 2.3.5)
    actionpack (2.3.5)
      activesupport (= 2.3.5)
      rack (~> 1.0.0)
    activerecord (2.3.5)
      activesupport (= 2.3.5)
    activeresource (2.3.5)
      activesupport (= 2.3.5)
    activesupport (2.3.5)
    declarative_authorization (0.5.7)
    i18n (0.4.2)
    json (1.8.3)
    mysql (2.9.1)
    rack (1.0.1)
    rails (2.3.5)
      actionmailer (= 2.3.5)
      actionpack (= 2.3.5)
      activerecord (= 2.3.5)
      activeresource (= 2.3.5)
      activesupport (= 2.3.5)
      rake (>= 0.8.3)
    rake (0.8.7)
    rdoc (4.2.2)
      json (~> 1.4)
    rush (0.6.8)
      session
    session (3.2.0)

PLATFORMS
  ruby

DEPENDENCIES
  bundler
  declarative_authorization
  i18n (= 0.4.2)
  mysql
  rack
  rails (= 2.3.5)
  rake (~> 0.8.7)
  rdoc
  rush (= 0.6.8)

BUNDLED WITH
   1.11.2
